PATH
  remote: .
  specs:
    mmtop (1.0.0)
      getopt-declare
      mysql2

GEM
  remote: http://rubygems.org/
  specs:
    columnize (0.3.6)
    debugger (1.6.5)
      columnize (>= 0.3.1)
      debugger-linecache (~> 1.2.0)
      debugger-ruby_core_source (~> 1.3.1)
    debugger-linecache (1.2.0)
    debugger-ruby_core_source (1.3.1)
    getopt-declare (1.30)
    mysql2 (0.3.14)
    mysql_isolated_server (0.1.1)
    rake (10.0.2)
    yaggy (0.1.6)

PLATFORMS
  ruby

DEPENDENCIES
  debugger
  mmtop!
  mysql_isolated_server
  rake
  yaggy
